GEM
  remote: http://rubygems.org/
  specs:
    coderay (1.0.7)
    columnize (0.3.6)
    linecache (0.46)
      rbx-require-relative (> 0.0.4)
    method_source (0.8)
    pry (0.9.10)
      coderay (~> 1.0.5)
      method_source (~> 0.8)
      slop (~> 3.3.1)
    rbx-require-relative (0.0.9)
    ruby-debug (0.10.4)
      columnize (>= 0.1)
      ruby-debug-base (~> 0.10.4.0)
    ruby-debug-base (0.10.4)
      linecache (>= 0.3)
    slop (3.3.3)

PLATFORMS
  ruby

DEPENDENCIES
  pry
  ruby-debug
